GEM
  remote: https://rubygems.org/
  specs:
    builder (3.0.0)
    camping (2.1.467)
      rack (>= 1.0)
    markaby (0.7.2)
      builder (>= 2.0.0)
    puma (0.9.1)
      rack (~> 1.2)
    rack (1.3.5)

PLATFORMS
  ruby

DEPENDENCIES
  camping
  markaby
  puma
