GEM
  remote: https://rubygems.org/
  specs:
    camping (2.1.467)
      rack (>= 1.0)
    rack (1.3.5)

PLATFORMS
  ruby

DEPENDENCIES
  camping
