GEM
  remote: https://rubygems.org/
  specs:
    builder (3.0.0)
    camping (2.1.467)
      rack (>= 1.0)
    daemons (1.1.8)
    eventmachine (0.12.10)
    markaby (0.7.2)
      builder (>= 2.0.0)
    rack (1.3.5)
    thin (1.3.1)
      daemons (>= 1.0.9)
      eventmachine (>= 0.12.6)
      rack (>= 1.0.0)

PLATFORMS
  ruby

DEPENDENCIES
  camping
  markaby
  thin
